GEM
  remote: http://rubygems.org/
  specs:
    algorithms (0.3.0)
    haml (3.0.21)
    json (1.4.6)
    rack (1.2.1)
    sinatra (1.1.2)
      rack (~> 1.1)
      tilt (~> 1.2)
    tilt (1.2.2)

PLATFORMS
  ruby

DEPENDENCIES
  algorithms
  haml
  json
  sinatra
